GEM
  remote: http://rubygems.org/
  specs:
    ZenTest (4.5.0)
    autotest-rails (4.1.0)
      ZenTest
    fakeweb (1.3.0)
    hoe (2.8.0)
      rake (>= 0.8.7)
    rake (0.8.7)
    wicked_pdf (0.7.0)

PLATFORMS
  ruby

DEPENDENCIES
  ZenTest
  autotest-rails (~> 4.1.0)
  fakeweb
  hoe (~> 2.8.0)
  wicked_pdf
