GEM
  remote: http://rubygems.org/
  specs:
    ZenTest (4.5.0)
    autotest-rails (4.1.0)
      ZenTest
    builder (3.0.0)
    cucumber (0.10.0)
      builder (>= 2.1.2)
      diff-lcs (~> 1.1.2)
      gherkin (~> 2.3.2)
      json (~> 1.4.6)
      term-ansicolor (~> 1.0.5)
    diff-lcs (1.1.2)
    fakeweb (1.3.0)
    gherkin (2.3.3)
      json (~> 1.4.6)
    hoe (2.8.0)
      rake (>= 0.8.7)
    i18n (0.4.2)
    json (1.4.6)
    rack (1.0.1)
    rake (0.8.7)
    redmine_plugin_support (0.0.4)
    rspec (1.3.1)
    rspec-rails (1.3.2)
      rack (>= 1.0.0)
      rspec (>= 1.3.0)
    term-ansicolor (1.0.5)
    wicked_pdf (0.7.0)

PLATFORMS
  ruby

DEPENDENCIES
  ZenTest
  autotest-rails (~> 4.1.0)
  cucumber (= 0.10.0)
  fakeweb
  hoe (~> 2.8.0)
  i18n (= 0.4.2)
  redmine_plugin_support
  rspec (= 1.3.1)
  rspec-rails (= 1.3.2)
  wicked_pdf
